GEM
  remote: https://rubygems.org/
  specs:
    ffi (1.15.5)
    listen (3.8.0)
      rb-fsevent (~> 0.10, >= 0.10.3)
      rb-inotify (~> 0.9, >= 0.9.10)
    multi_json (1.15.0)
    mustermann (2.0.2)
      ruby2_keywords (~> 0.0.1)
    power_assert (2.0.3)
    rack (2.2.6.4)
    rack-protection (2.2.4)
      rack
    rack-test (2.1.0)
      rack (>= 1.3)
    rb-fsevent (0.11.2)
    rb-inotify (0.10.1)
      ffi (~> 1.0)
    rerun (0.14.0)
      listen (~> 3.0)
    ruby2_keywords (0.0.5)
    sinatra (2.2.4)
      mustermann (~> 2.0)
      rack (~> 2.2)
      rack-protection (= 2.2.4)
      tilt (~> 2.0)
    sinatra-contrib (2.2.4)
      multi_json
      mustermann (~> 2.0)
      rack-protection (= 2.2.4)
      sinatra (= 2.2.4)
      tilt (~> 2.0)
    sqlite3 (1.4.4)
    test-unit (3.5.7)
      power_assert
    tilt (2.1.0)
    uuidtools (2.2.0)

PLATFORMS
  ruby

DEPENDENCIES
  rack-test (= 2.1)
  rerun (~> 0.14.0)
  sinatra (= 2.2.4)
  sinatra-contrib (= 2.2.4)
  sqlite3 (= 1.4.4)
  test-unit (= 3.5.7)
  uuidtools (= 2.2)

BUNDLED WITH
   1.17.2
